GEM
  remote: https://rubygems.org/
  specs:
    rx (0.0.3)

PLATFORMS
  ruby

DEPENDENCIES
  rx (~> 0.0.3)

BUNDLED WITH
   1.13.0
